GIT
  remote: https://github.com/rails/rails.git
  revision: c7b6d8f1a9bb0fbd81ff382967a6cb5036841218
  tag: v7.0.0.alpha2
  specs:
    actioncable (7.0.0.alpha2)
      actionpack (= 7.0.0.alpha2)
      activesupport (= 7.0.0.alpha2)
      nio4r (~> 2.0)
      websocket-driver (>= 0.6.1)
    actionmailbox (7.0.0.alpha2)
      actionpack (= 7.0.0.alpha2)
      activejob (= 7.0.0.alpha2)
      activerecord (= 7.0.0.alpha2)
      activestorage (= 7.0.0.alpha2)
      activesupport (= 7.0.0.alpha2)
      mail (>= 2.7.1)
    actionmailer (7.0.0.alpha2)
      actionpack (= 7.0.0.alpha2)
      actionview (= 7.0.0.alpha2)
      activejob (= 7.0.0.alpha2)
      activesupport (= 7.0.0.alpha2)
      mail (~> 2.5, >= 2.5.4)
      rails-dom-testing (~> 2.0)
    actionpack (7.0.0.alpha2)
      actionview (= 7.0.0.alpha2)
      activesupport (= 7.0.0.alpha2)
      rack (~> 2.0, >= 2.2.0)
      rack-test (>= 0.6.3)
      rails-dom-testing (~> 2.0)
      rails-html-sanitizer (~> 1.0, >= 1.2.0)
    actiontext (7.0.0.alpha2)
      actionpack (= 7.0.0.alpha2)
      activerecord (= 7.0.0.alpha2)
      activestorage (= 7.0.0.alpha2)
      activesupport (= 7.0.0.alpha2)
      nokogiri (>= 1.8.5)
    actionview (7.0.0.alpha2)
      activesupport (= 7.0.0.alpha2)
      builder (~> 3.1)
      erubi (~> 1.4)
      rails-dom-testing (~> 2.0)
      rails-html-sanitizer (~> 1.1, >= 1.2.0)
    activejob (7.0.0.alpha2)
      activesupport (= 7.0.0.alpha2)
      globalid (>= 0.3.6)
    activemodel (7.0.0.alpha2)
      activesupport (= 7.0.0.alpha2)
    activerecord (7.0.0.alpha2)
      activemodel (= 7.0.0.alpha2)
      activesupport (= 7.0.0.alpha2)
    activestorage (7.0.0.alpha2)
      actionpack (= 7.0.0.alpha2)
      activejob (= 7.0.0.alpha2)
      activerecord (= 7.0.0.alpha2)
      activesupport (= 7.0.0.alpha2)
      marcel (~> 1.0.0)
      mini_mime (>= 1.1.0)
    activesupport (7.0.0.alpha2)
      concurrent-ruby (~> 1.0, >= 1.0.2)
      i18n (>= 1.6, < 2)
      minitest (>= 5.1)
      tzinfo (~> 2.0)
    rails (7.0.0.alpha2)
      actioncable (= 7.0.0.alpha2)
      actionmailbox (= 7.0.0.alpha2)
      actionmailer (= 7.0.0.alpha2)
      actionpack (= 7.0.0.alpha2)
      actiontext (= 7.0.0.alpha2)
      actionview (= 7.0.0.alpha2)
      activejob (= 7.0.0.alpha2)
      activemodel (= 7.0.0.alpha2)
      activerecord (= 7.0.0.alpha2)
      activestorage (= 7.0.0.alpha2)
      activesupport (= 7.0.0.alpha2)
      bundler (>= 1.15.0)
      railties (= 7.0.0.alpha2)
      sprockets-rails (>= 2.0.0)
    railties (7.0.0.alpha2)
      actionpack (= 7.0.0.alpha2)
      activesupport (= 7.0.0.alpha2)
      method_source
      rake (>= 0.13)
      thor (~> 1.0)
      zeitwerk (~> 2.5.0.beta3)

GIT
  remote: https://github.com/strobilomyces/devise
  revision: 755e84b7228f19be0e82bdc5486073715b2a32ed
  branch: patch-1
  specs:
    devise (4.8.0)
      bcrypt (~> 3.0)
      orm_adapter (~> 0.1)
      railties (>= 4.1.0)
      responders
      warden (~> 1.2.3)

GEM
  remote: https://rubygems.org/
  specs:
    addressable (2.7.0)
      public_suffix (>= 2.0.2, < 5.0)
    annotate (3.1.1)
      activerecord (>= 3.2, < 7.0)
      rake (>= 10.4, < 14.0)
    autoprefixer-rails (10.2.5.0)
      execjs (< 2.8.0)
    bcrypt (3.1.16)
    better_errors (2.9.1)
      coderay (>= 1.0.0)
      erubi (>= 1.0.0)
      rack (>= 0.9.0)
    bindex (0.8.1)
    bootstrap-sass (3.4.1)
      autoprefixer-rails (>= 5.2.1)
      sassc (>= 2.0.0)
    builder (3.2.4)
    bullet (6.1.4)
      activesupport (>= 3.0.0)
      uniform_notifier (~> 1.11)
    byebug (11.1.3)
    capybara (2.18.0)
      addressable
      mini_mime (>= 0.1.3)
      nokogiri (>= 1.3.3)
      rack (>= 1.0.0)
      rack-test (>= 0.5.4)
      xpath (>= 2.0, < 4.0)
    childprocess (3.0.0)
    climate_control (0.2.0)
    coderay (1.1.3)
    coffee-rails (4.2.2)
      coffee-script (>= 2.2.0)
      railties (>= 4.0.0)
    coffee-script (2.4.1)
      coffee-script-source
      execjs
    coffee-script-source (1.12.2)
    concurrent-ruby (1.1.9)
    crass (1.0.6)
    cucumber (2.99.0)
      builder (>= 2.1.2)
      cucumber-core (~> 1.5.0)
      cucumber-wire (~> 0.0.1)
      diff-lcs (>= 1.1.3)
      gherkin (~> 4.0)
      multi_json (>= 1.7.5, < 2.0)
      multi_test (>= 0.1.2)
    cucumber-core (1.5.0)
      gherkin (~> 4.0)
    cucumber-wire (0.0.1)
    diff-lcs (1.4.4)
    erubi (1.10.0)
    execjs (2.7.0)
    faker (2.18.0)
      i18n (>= 1.6, < 2)
    ffi (1.15.0)
    formatador (0.2.5)
    gherkin (4.1.3)
    globalid (0.5.2)
      activesupport (>= 5.0)
    guard (2.14.2)
      formatador (>= 0.2.4)
      listen (>= 2.7, < 4.0)
      lumberjack (>= 1.0.12, < 2.0)
      nenv (~> 0.1)
      notiffany (~> 0.0)
      pry (>= 0.9.12)
      shellany (~> 0.0)
      thor (>= 0.18.1)
    guard-compat (1.2.1)
    guard-cucumber (2.1.2)
      cucumber (~> 2.0)
      guard-compat (~> 1.0)
      nenv (~> 0.1)
    guard-rspec (4.7.3)
      guard (~> 2.1)
      guard-compat (~> 1.1)
      rspec (>= 2.99.0, < 4.0)
    hpricot (0.8.6)
    html2slim (0.2.0)
      hpricot
    i18n (1.8.10)
      concurrent-ruby (~> 1.0)
    jasny-bootstrap-rails (3.1.3)
      railties (>= 3.0)
    jbuilder (2.11.2)
      activesupport (>= 5.0.0)
    jquery-rails (4.4.0)
      rails-dom-testing (>= 1, < 3)
      railties (>= 4.2.0)
      thor (>= 0.14, < 2.0)
    jquery-ui-rails (6.0.1)
      railties (>= 3.2.16)
    listen (3.1.5)
      rb-fsevent (~> 0.9, >= 0.9.4)
      rb-inotify (~> 0.9, >= 0.9.7)
      ruby_dep (~> 1.2)
    loofah (2.12.0)
      crass (~> 1.0.2)
      nokogiri (>= 1.5.9)
    lumberjack (1.2.8)
    mail (2.7.1)
      mini_mime (>= 0.1.1)
    marcel (1.0.2)
    method_source (1.0.0)
    mime-types (3.3.1)
      mime-types-data (~> 3.2015)
    mime-types-data (3.2021.0225)
    mimemagic (0.3.10)
      nokogiri (~> 1)
      rake
    mini_mime (1.1.1)
    mini_portile2 (2.6.1)
    minitest (5.14.4)
    multi_json (1.15.0)
    multi_test (0.1.2)
    nenv (0.3.0)
    nio4r (2.5.8)
    nokogiri (1.12.4)
      mini_portile2 (~> 2.6.1)
      racc (~> 1.4)
    notiffany (0.1.3)
      nenv (~> 0.1)
      shellany (~> 0.0)
    orm_adapter (0.5.0)
    pagy (3.13.0)
    paperclip (6.1.0)
      activemodel (>= 4.2.0)
      activesupport (>= 4.2.0)
      mime-types
      mimemagic (~> 0.3.0)
      terrapin (~> 0.6.0)
    pg (1.2.3)
    pry (0.13.1)
      coderay (~> 1.1)
      method_source (~> 1.0)
    pry-byebug (3.9.0)
      byebug (~> 11.0)
      pry (~> 0.13.0)
    pry-doc (1.1.0)
      pry (~> 0.11)
      yard (~> 0.9.11)
    pry-rails (0.3.9)
      pry (>= 0.10.4)
    public_suffix (4.0.6)
    puma (5.3.2)
      nio4r (~> 2.0)
    pundit (2.1.0)
      activesupport (>= 3.0.0)
    racc (1.5.2)
    rack (2.2.3)
    rack-test (1.1.0)
      rack (>= 1.0, < 3)
    rails-controller-testing (1.0.5)
      actionpack (>= 5.0.1.rc1)
      actionview (>= 5.0.1.rc1)
      activesupport (>= 5.0.1.rc1)
    rails-dom-testing (2.0.3)
      activesupport (>= 4.2.0)
      nokogiri (>= 1.6)
    rails-html-sanitizer (1.4.2)
      loofah (~> 2.3)
    rake (12.3.3)
    rb-fsevent (0.11.0)
    rb-inotify (0.10.1)
      ffi (~> 1.0)
    responders (3.0.1)
      actionpack (>= 5.0)
      railties (>= 5.0)
    rspec (3.10.0)
      rspec-core (~> 3.10.0)
      rspec-expectations (~> 3.10.0)
      rspec-mocks (~> 3.10.0)
    rspec-core (3.10.1)
      rspec-support (~> 3.10.0)
    rspec-expectations (3.10.1)
      diff-lcs (>= 1.2.0, < 2.0)
      rspec-support (~> 3.10.0)
    rspec-mocks (3.10.2)
      diff-lcs (>= 1.2.0, < 2.0)
      rspec-support (~> 3.10.0)
    rspec-rails (5.0.2)
      actionpack (>= 5.2)
      activesupport (>= 5.2)
      railties (>= 5.2)
      rspec-core (~> 3.10)
      rspec-expectations (~> 3.10)
      rspec-mocks (~> 3.10)
      rspec-support (~> 3.10)
    rspec-support (3.10.2)
    rspec_junit_formatter (0.4.1)
      rspec-core (>= 2, < 4, != 2.12.0)
    ruby_dep (1.5.0)
    rubyzip (2.3.0)
    sass-rails (6.0.0)
      sassc-rails (~> 2.1, >= 2.1.1)
    sassc (2.4.0)
      ffi (~> 1.9)
    sassc-rails (2.1.2)
      railties (>= 4.0.0)
      sassc (>= 2.0)
      sprockets (> 3.0)
      sprockets-rails
      tilt
    selenium-webdriver (3.142.7)
      childprocess (>= 0.5, < 4.0)
      rubyzip (>= 1.2.2)
    shellany (0.0.1)
    slim (4.1.0)
      temple (>= 0.7.6, < 0.9)
      tilt (>= 2.0.6, < 2.1)
    slim-rails (3.2.0)
      actionpack (>= 3.1)
      railties (>= 3.1)
      slim (>= 3.0, < 5.0)
    spring (2.1.1)
    spring-watcher-listen (2.0.1)
      listen (>= 2.7, < 4.0)
      spring (>= 1.2, < 3.0)
    sprockets (4.0.2)
      concurrent-ruby (~> 1.0)
      rack (> 1, < 3)
    sprockets-rails (3.2.2)
      actionpack (>= 4.0)
      activesupport (>= 4.0)
      sprockets (>= 3.0.0)
    temple (0.8.2)
    terrapin (0.6.0)
      climate_control (>= 0.0.3, < 1.0)
    thor (1.1.0)
    tilt (2.0.10)
    toastr-rails (1.0.3)
      railties (>= 3.1.0)
    turbolinks (5.2.1)
      turbolinks-source (~> 5.2)
    turbolinks-source (5.2.0)
    tzinfo (2.0.4)
      concurrent-ruby (~> 1.0)
    uglifier (4.2.0)
      execjs (>= 0.3.0, < 3)
    uniform_notifier (1.14.2)
    warden (1.2.9)
      rack (>= 2.0.9)
    web-console (4.1.0)
      actionview (>= 6.0.0)
      activemodel (>= 6.0.0)
      bindex (>= 0.4.0)
      railties (>= 6.0.0)
    websocket-driver (0.7.5)
      websocket-extensions (>= 0.1.0)
    websocket-extensions (0.1.5)
    xpath (3.2.0)
      nokogiri (~> 1.8)
    yard (0.9.26)
    zeitwerk (2.5.0.beta3)

PLATFORMS
  ruby

DEPENDENCIES
  activerecord (>= 6.0.3.5)
  annotate
  better_errors
  bootstrap-sass (>= 3.4.1)
  bullet
  byebug
  capybara (~> 2.13)
  coffee-rails (~> 4.2)
  devise!
  faker
  guard (~> 2.14.0)
  guard-cucumber (~> 2.1.2)
  guard-rspec (~> 4.7.2)
  html2slim
  jasny-bootstrap-rails (~> 3.1, >= 3.1.3)
  jbuilder (~> 2.5)
  jquery-rails
  jquery-ui-rails (~> 6.0, >= 6.0.1)
  listen (>= 3.0.5, < 3.2)
  loofah (>= 2.2.3)
  nokogiri (>= 1.11.0.rc4)
  pagy (>= 3.10)
  paperclip (~> 6.1)
  pg (>= 0.18, < 2.0)
  pry-byebug
  pry-doc
  pry-rails
  puma (>= 4.3.8)
  pundit
  rack (>= 2.0.6)
  rails!
  rails-controller-testing
  rake (>= 2.0.6, < 13.0)
  rspec
  rspec-rails (>= 4.0.2)
  rspec_junit_formatter
  sass-rails (~> 6.0)
  selenium-webdriver
  slim
  slim-rails
  spring
  spring-watcher-listen (~> 2.0.0)
  toastr-rails
  turbolinks (~> 5)
  tzinfo-data
  uglifier (>= 1.3.0)
  web-console (>= 3.3.0)
  yard (>= 0.9.20)

RUBY VERSION
   ruby 2.7.1p83

BUNDLED WITH
   1.17.3
